STORAGE: NONE
RESTRICTION: == net7.0
NUGET
  remote: https://api.nuget.org/v3/index.json
    ConstructStyleSheetsPolyfill (1.0.0-beta-001)
      Fable.Core (>= 3.3.1)
      FSharp.Core (>= 5.0)
    Fable.Browser.Blob (1.3)
      Fable.Core (>= 3.0)
      FSharp.Core (>= 4.7.2)
    Fable.Browser.Css (2.4)
      Fable.Browser.Dom (>= 2.14)
      Fable.Browser.Svg (>= 2.3)
      Fable.Core (>= 3.0)
      FSharp.Core (>= 4.7.2)
    Fable.Browser.Dom (2.15)
      Fable.Browser.Blob (>= 1.3)
      Fable.Browser.Event (>= 1.5)
      Fable.Browser.WebStorage (>= 1.2)
      Fable.Core (>= 3.2.8)
      FSharp.Core (>= 4.7.2)
    Fable.Browser.Event (1.5)
      Fable.Browser.Gamepad (>= 1.1)
      Fable.Core (>= 3.0)
      FSharp.Core (>= 4.7.2)
    Fable.Browser.Gamepad (1.2)
      Fable.Core (>= 3.0)
      FSharp.Core (>= 4.7.2)
    Fable.Browser.IntersectionObserver (1.0)
      Fable.Browser.Dom (>= 2.11)
      Fable.Core (>= 3.7.1)
      FSharp.Core (>= 4.7.2)
    Fable.Browser.MediaQueryList (1.4)
      Fable.Browser.Dom (>= 2.11)
      Fable.Browser.Event (>= 1.5)
      Fable.Core (>= 3.0)
      FSharp.Core (>= 4.7.2)
    Fable.Browser.Svg (2.3)
      Fable.Browser.Dom (>= 2.11)
      Fable.Core (>= 3.0)
      FSharp.Core (>= 4.7.2)
    Fable.Browser.Url (1.3.2)
      Fable.Core (>= 3.0)
      FSharp.Core (>= 4.7.2)
    Fable.Browser.WebStorage (1.2)
      Fable.Browser.Event (>= 1.5)
      Fable.Core (>= 3.0)
      FSharp.Core (>= 4.7.2)
    Fable.Core (4.3)
    Fable.Fetch (2.4)
      Fable.Browser.Blob (>= 1.1.4)
      Fable.Core (>= 3.1.5)
      Fable.Promise (>= 2.2.2)
      FSharp.Core (>= 4.7.2)
    Fable.Promise (3.2)
      Fable.Core (>= 3.7.1)
      FSharp.Core (>= 4.7.2)
    Feliz.Engine (1.0.0-beta-004)
      FSharp.Core (>= 5.0)
    Feliz.Engine.Bulma (1.0.0-beta-007)
      Feliz.Engine (>= 1.0.0-beta-004)
      FSharp.Core (>= 6.0.7)
    Feliz.Engine.Event (1.0.0-beta-004)
      Fable.Browser.Dom (>= 2.2)
      Feliz.Engine (>= 1.0.0-beta-004)
      FSharp.Core (>= 5.0)
    FSharp.Core (8.0.200)
    Sutil (2.0.11)
      ConstructStyleSheetsPolyfill (>= 1.0.0-beta-001)
      Fable.Browser.Css (>= 2.3)
      Fable.Browser.Dom (>= 2.14)
      Fable.Browser.Event (>= 1.5)
      Fable.Browser.MediaQueryList (>= 1.4)
      Fable.Core (>= 3.7.1)
      Fable.Promise (>= 3.2)
      Feliz.Engine (>= 1.0.0-beta-004)
      Feliz.Engine.Bulma (>= 1.0.0-beta-007)
      Feliz.Engine.Event (>= 1.0.0-beta-004)
      FSharp.Core (>= 6.0.7)
